GEM
  remote: https://rubygems.org/
  specs:
    RubyInline (3.12.4)
      ZenTest (~> 4.3)
    ZenTest (4.11.0)
    abstract_type (0.0.7)
    adamantium (0.2.0)
      ice_nine (~> 0.11.0)
      memoizable (~> 0.4.0)
    arr-pm (0.0.10)
      cabin (> 0)
    ast (2.1.0)
    astrolabe (1.3.1)
      parser (~> 2.2)
    backports (3.6.6)
    bundler-audit (0.4.0)
      bundler (~> 1.2)
      thor (~> 0.18)
    cabin (0.7.1)
    childprocess (0.5.6)
      ffi (~> 1.0, >= 1.0.11)
    clamp (0.6.5)
    concord (0.1.5)
      adamantium (~> 0.2.0)
      equalizer (~> 0.0.9)
    coveralls (0.8.3)
      json (~> 1.8)
      rest-client (>= 1.6.8, < 2)
      simplecov (~> 0.10.0)
      term-ansicolor (~> 1.3)
      thor (~> 0.19.1)
    diff-lcs (1.2.5)
    docile (1.1.5)
    domain_name (0.5.25)
      unf (>= 0.0.5, < 1.0.0)
    equalizer (0.0.11)
    ffi (1.9.10)
    fpm (1.4.0)
      arr-pm (~> 0.0.10)
      backports (>= 2.6.2)
      cabin (>= 0.6.0)
      childprocess
      clamp (~> 0.6)
      ffi
      json (>= 1.7.7)
    gem-release (0.7.4)
    hashr (0.0.22)
    highline (1.7.7)
    hoe (3.14.2)
      rake (>= 0.8, < 11.0)
    hoe-bundler (1.2.0)
      hoe (>= 2.2.0)
    hoe-deveiate (0.7.0)
      hoe (~> 3.13)
      hoe-highline (~> 0.2)
      hoe-mercurial (~> 1.4)
      mail (~> 2.6)
      rdoc (~> 4.2)
      rspec (~> 3.2)
    hoe-doofus (1.0.0)
    hoe-gemspec (1.0.0)
      hoe (>= 2.2.0)
    hoe-git (1.6.0)
    hoe-highline (0.2.1)
      highline (~> 1.6)
      hoe (~> 3.11)
    hoe-manns (1.1.0)
      bundler-audit (~> 0.4.0)
      fpm (~> 1.4.0)
      parseconfig (~> 1.0)
      setup (~> 5.2)
    hoe-mercurial (1.4.1)
      hoe (~> 3.9)
    hoe-reek (1.1.1)
      bundler (~> 1.10)
      setup (~> 5.2)
    hoe-rubocop (0.1.1)
      RubyInline (~> 3.9)
      setup (~> 5.2)
    hoe-rubygems (1.0.0)
    hoe-seattlerb (1.3.4)
    hoe-travis (1.2)
      hoe (~> 3.0)
      travis-lint (~> 1.2)
    hoe-version (1.2.0)
    hoe-yard (0.1.2)
      yard (>= 0.2.3.1)
    http-cookie (1.0.2)
      domain_name (~> 0.5)
    ice_nine (0.11.1)
    indexer (0.3.1)
    json (1.8.3)
    mail (2.6.3)
      mime-types (>= 1.16, < 3)
    manns_shared (1.0.0)
      nokogiri (~> 1.6.6.2)
      setup (~> 5.2)
    memoizable (0.4.2)
      thread_safe (~> 0.3, >= 0.3.1)
    mime-types (2.6.2)
    mini_portile (0.6.2)
    minitest (5.8.1)
    netrc (0.10.3)
    nokogiri (1.6.6.2)
      mini_portile (~> 0.6.0)
    notifier (0.5.1)
    parseconfig (1.0.6)
    parser (2.2.2.6)
      ast (>= 1.1, < 3.0)
    powerpack (0.1.1)
    private_attr (1.1.0)
    procto (0.0.2)
    rainbow (2.0.0)
    rake (10.4.2)
    rdoc (4.2.0)
    reek (3.5.0)
      parser (~> 2.2.2.5)
      private_attr (~> 1.1)
      rainbow (~> 2.0)
      unparser (~> 0.2.2)
    rest-client (1.8.0)
      http-cookie (>= 1.0.2, < 2.0)
      mime-types (>= 1.16, < 3.0)
      netrc (~> 0.7)
    rspec (3.3.0)
      rspec-core (~> 3.3.0)
      rspec-expectations (~> 3.3.0)
      rspec-mocks (~> 3.3.0)
    rspec-core (3.3.2)
      rspec-support (~> 3.3.0)
    rspec-expectations (3.3.1)
      diff-lcs (>= 1.2.0, < 2.0)
      rspec-support (~> 3.3.0)
    rspec-mocks (3.3.2)
      diff-lcs (>= 1.2.0, < 2.0)
      rspec-support (~> 3.3.0)
    rspec-support (3.3.0)
    rubocop (0.34.2)
      astrolabe (~> 1.3)
      parser (>= 2.2.2.5, < 3.0)
      powerpack (~> 0.1)
      rainbow (>= 1.99.1, < 3.0)
      ruby-progressbar (~> 1.4)
    ruby-progressbar (1.7.5)
    safe_yaml (0.9.7)
    setup (5.2.0)
    simplecov (0.10.0)
      docile (~> 1.1.0)
      json (~> 1.8)
      simplecov-html (~> 0.10.0)
    simplecov-html (0.10.0)
    term-ansicolor (1.3.2)
      tins (~> 1.0)
    thor (0.19.1)
    thread_safe (0.3.5)
    tins (1.6.0)
    travis-lint (1.8.0)
      hashr (~> 0.0.22)
      safe_yaml (~> 0.9.0)
    unf (0.1.4)
      unf_ext
    unf_ext (0.0.7.1)
    unparser (0.2.4)
      abstract_type (~> 0.0.7)
      adamantium (~> 0.2.0)
      concord (~> 0.1.5)
      diff-lcs (~> 1.2.5)
      equalizer (~> 0.0.9)
      parser (~> 2.2.2)
      procto (~> 0.0.2)
    yard (0.8.7.6)

PLATFORMS
  ruby

DEPENDENCIES
  ZenTest (~> 4.11)
  bundler (~> 1.10)
  bundler-audit (~> 0.4.0)
  coveralls (~> 0.8)
  fpm (~> 1.4.0)
  gem-release (~> 0.7)
  hoe (~> 3.14)
  hoe-bundler (~> 1.2)
  hoe-deveiate (~> 0.7)
  hoe-doofus (~> 1.0)
  hoe-gemspec (~> 1.0)
  hoe-git (~> 1.6)
  hoe-highline (~> 0.2)
  hoe-manns (~> 1.1)
  hoe-reek (~> 1.0)
  hoe-rubocop (~> 0.1)
  hoe-rubygems (~> 1.0)
  hoe-seattlerb (~> 1.3)
  hoe-travis (~> 1.2)
  hoe-version (~> 1.2)
  hoe-yard (~> 0.1)
  indexer (~> 0.3)
  manns_shared (~> 1.0)
  minitest (~> 5.8.1)
  nokogiri (~> 1.6.6.2)
  notifier (~> 0.5.1)
  parseconfig (~> 1.0.6)
  rainbow (~> 2.0.0)
  rake (~> 10.0)
  rdoc (~> 4.0)
  reek (~> 3.3)
  rspec (~> 3.3)
  rubocop (~> 0.34)
  setup (~> 5.2)
  simplecov (~> 0.7)

BUNDLED WITH
   1.10.6
