GEM
  remote: https://rubygems.org/
  specs:
    ast (2.2.0)
    bundler-audit (0.4.0)
      bundler (~> 1.2)
      thor (~> 0.18)
    coveralls (0.8.10)
      json (~> 1.8)
      rest-client (>= 1.6.8, < 2)
      simplecov (~> 0.11.0)
      term-ansicolor (~> 1.3)
      thor (~> 0.19.1)
      tins (~> 1.6.0)
    diff-lcs (1.2.5)
    docile (1.1.5)
    domain_name (0.5.25)
      unf (>= 0.0.5, < 1.0.0)
    gem-release (0.7.4)
    highline (1.7.8)
    hoe (3.14.2)
      rake (>= 0.8, < 11.0)
    hoe-bundler (1.2.0)
      hoe (>= 2.2.0)
    hoe-gemspec (1.0.0)
      hoe (>= 2.2.0)
    hoe-git (1.6.0)
    hoe-highline (0.2.1)
      highline (~> 1.6)
      hoe (~> 3.11)
    hoe-manns (1.4.7)
      bundler-audit (~> 0.4)
      hoe (~> 3.14)
      indexer (~> 0.3)
      pandoc-ruby (~> 1.0)
      parseconfig (~> 1.0)
      rainbow (~> 2.1)
    hoe-reek (1.1.2)
      bundler (~> 1.11)
      setup (~> 5.2)
    hoe-rubocop (1.0.4)
      bundler (~> 1.11)
      hoe (~> 3.14)
      rubocop (~> 0.35)
    hoe-rubygems (1.0.0)
    hoe-seattlerb (1.3.4)
    hoe-version (1.2.0)
    http-cookie (1.0.2)
      domain_name (~> 0.5)
    indexer (0.3.1)
    json (1.8.3)
    manns_shared (1.0.2)
      nokogiri (~> 1.6.7)
      setup (~> 5.2)
    mime-types (2.99)
    mini_portile2 (2.0.0)
    netrc (0.11.0)
    nokogiri (1.6.7.2)
      mini_portile2 (~> 2.0.0.rc2)
    notifier (0.5.1)
    pandoc-ruby (1.0.0)
    parseconfig (1.0.8)
    parser (2.3.0.2)
      ast (~> 2.2)
    powerpack (0.1.1)
    rainbow (2.1.0)
    rake (10.5.0)
    rdoc (4.2.1)
      json (~> 1.4)
    rest-client (1.8.0)
      http-cookie (>= 1.0.2, < 2.0)
      mime-types (>= 1.16, < 3.0)
      netrc (~> 0.7)
    rspec (3.4.0)
      rspec-core (~> 3.4.0)
      rspec-expectations (~> 3.4.0)
      rspec-mocks (~> 3.4.0)
    rspec-core (3.4.2)
      rspec-support (~> 3.4.0)
    rspec-expectations (3.4.0)
      diff-lcs (>= 1.2.0, < 2.0)
      rspec-support (~> 3.4.0)
    rspec-mocks (3.4.1)
      diff-lcs (>= 1.2.0, < 2.0)
      rspec-support (~> 3.4.0)
    rspec-support (3.4.1)
    rubocop (0.36.0)
      parser (>= 2.3.0.0, < 3.0)
      powerpack (~> 0.1)
      rainbow (>= 1.99.1, < 3.0)
      ruby-progressbar (~> 1.7)
    ruby-progressbar (1.7.5)
    setup (5.2.0)
    simplecov (0.11.1)
      docile (~> 1.1.0)
      json (~> 1.8)
      simplecov-html (~> 0.10.0)
    simplecov-html (0.10.0)
    term-ansicolor (1.3.2)
      tins (~> 1.0)
    thor (0.19.1)
    tins (1.6.0)
    unf (0.1.4)
      unf_ext
    unf_ext (0.0.7.1)

PLATFORMS
  ruby

DEPENDENCIES
  bundler (~> 1.11)
  coveralls (~> 0.8)
  gem-release (~> 0.7)
  hoe (~> 3.14)
  hoe-bundler (~> 1.2)
  hoe-gemspec (~> 1.0)
  hoe-git (~> 1.6)
  hoe-highline (~> 0.2)
  hoe-manns (~> 1.4)
  hoe-reek (~> 1.1)
  hoe-rubocop (~> 1.0)
  hoe-rubygems (~> 1.0)
  hoe-seattlerb (~> 1.3)
  hoe-version (~> 1.2)
  indexer (~> 0.3)
  manns_shared (~> 1.0)
  nokogiri (~> 1.6.7)
  notifier (~> 0.5)
  parseconfig (~> 1.0)
  rainbow (~> 2.1)
  rake (~> 10.5)
  rdoc (~> 4.0)
  rspec (~> 3.4)
  rubocop (~> 0.36)
  setup (~> 5.2)
  simplecov (~> 0.11)

BUNDLED WITH
   1.11.2
