GEM
  remote: https://rubygems.org/
  specs:
    ast (2.4.0)
    axiom-types (0.1.1)
      descendants_tracker (~> 0.0.4)
      ice_nine (~> 0.11.0)
      thread_safe (~> 0.3, >= 0.3.1)
    bundler-audit (0.6.0)
      bundler (~> 1.2)
      thor (~> 0.18)
    codeclimate-engine-rb (0.4.1)
      virtus (~> 1.0)
    coercible (1.0.0)
      descendants_tracker (~> 0.0.1)
    coveralls (0.8.22)
      json (>= 1.8, < 3)
      simplecov (~> 0.16.1)
      term-ansicolor (~> 1.3)
      thor (~> 0.19.4)
      tins (~> 1.6)
    descendants_tracker (0.0.4)
      thread_safe (~> 0.3, >= 0.3.1)
    diff-lcs (1.3)
    docile (1.3.1)
    equalizer (0.0.11)
    hoe (3.17.0)
      rake (>= 0.8, < 13.0)
    hoe-manns (2.1.3)
      bundler-audit (~> 0.6)
      rainbow (~> 3.0)
    hoe-reek (1.2.4)
      bundler (~> 1.16)
      reek (~> 4.8)
    hoe-rubocop (1.0.9)
      bundler (~> 1.16)
      rubocop (~> 0.55)
    hoe-rubygems (1.0.0)
    hoe-version (1.2.0)
    ice_nine (0.11.2)
    jaro_winkler (1.5.1)
    json (2.1.0)
    mini_portile2 (2.3.0)
    nokogiri (1.8.3)
      mini_portile2 (~> 2.3.0)
    nokogiri (1.8.3-x64-mingw32)
      mini_portile2 (~> 2.3.0)
    notifier (0.5.2)
    parallel (1.12.1)
    parseconfig (1.0.8)
    parser (2.5.1.0)
      ast (~> 2.4.0)
    powerpack (0.1.2)
    rainbow (3.0.0)
    rake (12.3.1)
    rdoc (6.0.4)
    reek (4.8.2)
      codeclimate-engine-rb (~> 0.4.0)
      parser (>= 2.5.0.0, < 2.6)
      rainbow (>= 2.0, < 4.0)
    rspec (3.7.0)
      rspec-core (~> 3.7.0)
      rspec-expectations (~> 3.7.0)
      rspec-mocks (~> 3.7.0)
    rspec-core (3.7.1)
      rspec-support (~> 3.7.0)
    rspec-expectations (3.7.0)
      diff-lcs (>= 1.2.0, < 2.0)
      rspec-support (~> 3.7.0)
    rspec-mocks (3.7.0)
      diff-lcs (>= 1.2.0, < 2.0)
      rspec-support (~> 3.7.0)
    rspec-support (3.7.1)
    rubocop (0.57.2)
      jaro_winkler (~> 1.5.1)
      parallel (~> 1.10)
      parser (>= 2.5)
      powerpack (~> 0.1)
      rainbow (>= 2.2.2, < 4.0)
      ruby-progressbar (~> 1.7)
      unicode-display_width (~> 1.0, >= 1.0.1)
    ruby-progressbar (1.9.0)
    simplecov (0.16.1)
      docile (~> 1.1)
      json (>= 1.8, < 3)
      simplecov-html (~> 0.10.0)
    simplecov-html (0.10.2)
    term-ansicolor (1.6.0)
      tins (~> 1.0)
    thor (0.19.4)
    thread_safe (0.3.6)
    tins (1.16.3)
    unicode-display_width (1.4.0)
    virtus (1.0.5)
      axiom-types (~> 0.1)
      coercible (~> 1.0)
      descendants_tracker (~> 0.0, >= 0.0.3)
      equalizer (~> 0.0, >= 0.0.9)
    xdg (2.2.3)

PLATFORMS
  ruby
  x64-mingw32
  x86_64-linux

DEPENDENCIES
  bundler (~> 1.16)
  coveralls (~> 0.8)
  hoe (~> 3.17)
  hoe-manns (~> 2.1)
  hoe-reek (~> 1.2)
  hoe-rubocop (~> 1.0)
  hoe-rubygems (~> 1.0)
  hoe-version (~> 1.2)
  nokogiri (~> 1.8)
  notifier (~> 0.5)
  parseconfig (~> 1.0)
  rainbow (~> 3.0)
  rake (~> 12.3)
  rdoc (~> 6.0)
  rspec (~> 3.7)
  rubocop (~> 0.57)
  xdg (~> 2.2)

BUNDLED WITH
   1.16.2
