PATH
  remote: .
  specs:
    publican_creators (1.2.3)
      bundler (~> 1.16)
      combine_pdf (~> 1.0)
      coveralls (~> 0.8)
      nokogiri (~> 1.8)
      notifier (~> 0.5)
      parseconfig (~> 1.0)
      pony (~> 1)
      rainbow (~> 3.0)
      rake (~> 12.3)
      rdoc (~> 6.0)
      rspec (~> 3.7)
      rubocop (~> 0.57)
      xdg (~> 2.2)

GEM
  remote: https://rubygems.org/
  specs:
    ast (2.4.0)
    combine_pdf (1.0.15)
      ruby-rc4 (>= 0.1.5)
    coveralls (0.8.22)
      json (>= 1.8, < 3)
      simplecov (~> 0.16.1)
      term-ansicolor (~> 1.3)
      thor (~> 0.19.4)
      tins (~> 1.6)
    diff-lcs (1.3)
    docile (1.3.1)
    jaro_winkler (1.5.1)
    json (2.1.0)
    mail (2.7.1)
      mini_mime (>= 0.1.1)
    mini_mime (1.0.1)
    mini_portile2 (2.3.0)
    nokogiri (1.8.5)
      mini_portile2 (~> 2.3.0)
    nokogiri (1.8.5-x64-mingw32)
      mini_portile2 (~> 2.3.0)
    notifier (0.5.2)
    parallel (1.12.1)
    parseconfig (1.0.8)
    parser (2.5.3.0)
      ast (~> 2.4.0)
    pony (1.12)
      mail (>= 2.0)
    powerpack (0.1.2)
    rainbow (3.0.0)
    rake (12.3.1)
    rdoc (6.0.4)
    rspec (3.8.0)
      rspec-core (~> 3.8.0)
      rspec-expectations (~> 3.8.0)
      rspec-mocks (~> 3.8.0)
    rspec-core (3.8.0)
      rspec-support (~> 3.8.0)
    rspec-expectations (3.8.2)
      diff-lcs (>= 1.2.0, < 2.0)
      rspec-support (~> 3.8.0)
    rspec-mocks (3.8.0)
      diff-lcs (>= 1.2.0, < 2.0)
      rspec-support (~> 3.8.0)
    rspec-support (3.8.0)
    rubocop (0.60.0)
      jaro_winkler (~> 1.5.1)
      parallel (~> 1.10)
      parser (>= 2.5, != 2.5.1.1)
      powerpack (~> 0.1)
      rainbow (>= 2.2.2, < 4.0)
      ruby-progressbar (~> 1.7)
      unicode-display_width (~> 1.4.0)
    ruby-progressbar (1.10.0)
    ruby-rc4 (0.1.5)
    simplecov (0.16.1)
      docile (~> 1.1)
      json (>= 1.8, < 3)
      simplecov-html (~> 0.10.0)
    simplecov-html (0.10.2)
    term-ansicolor (1.7.0)
      tins (~> 1.0)
    thor (0.19.4)
    tins (1.20.2)
    unicode-display_width (1.4.0)
    xdg (2.2.3)

PLATFORMS
  ruby
  x64-mingw32
  x86_64-linux

DEPENDENCIES
  publican_creators!

BUNDLED WITH
   2.0.1
